GEM
  remote: https://rubygems.org/
  specs:
    harvested (3.1.1)
      hashie
      httparty
      json
    hashie (3.4.2)
    highline (1.7.7)
    httparty (0.13.7)
      json (~> 1.8)
      multi_xml (>= 0.5.2)
    json (1.8.3)
    multi_xml (0.5.5)

PLATFORMS
  ruby

DEPENDENCIES
  harvested
  highline
  json
